PATH
  remote: .
  specs:
    rtfdoc (0.1.2)
      erubi (~> 1.9.0)
      redcarpet (~> 3.5.0)
      rouge (~> 3.20.0)
      thor (~> 1.0.1)

GEM
  remote: https://rubygems.org/
  specs:
    benchmark-ips (2.8.2)
    byebug (11.1.3)
    erubi (1.9.0)
    io-console (0.5.6)
    irb (1.2.4)
      reline (>= 0.0.1)
    minitest (5.14.1)
    rake (10.5.0)
    redcarpet (3.5.0)
    reline (0.1.4)
      io-console (~> 0.5)
    rouge (3.20.0)
    thor (1.0.1)

PLATFORMS
  ruby

DEPENDENCIES
  benchmark-ips
  bundler (~> 1.17)
  byebug
  irb
  minitest (~> 5.0)
  rake (~> 10.0)
  rtfdoc!

BUNDLED WITH
   1.17.3
