GEM
  remote: https://rubygems.org/
  specs:
    benchmark-ips (2.8.2)
    byebug (11.1.3)
    erubi (1.9.0)
    ffi (1.13.1)
    io-console (0.5.6)
    irb (1.2.4)
      reline (>= 0.0.1)
    redcarpet (3.5.0)
    reline (0.1.4)
      io-console (~> 0.5)
    rouge (3.20.0)
    sassc (2.4.0)
      ffi (~> 1.9)

PLATFORMS
  ruby

DEPENDENCIES
  benchmark-ips
  byebug
  erubi
  irb
  redcarpet
  rouge
  sassc

BUNDLED WITH
   1.17.3
